PATH
  remote: .
  specs:
    opera (0.1.0)

GEM
  remote: https://rubygems.org/
  specs:
    concurrent-ruby (1.1.7)
    diff-lcs (1.4.4)
    dry-configurable (0.11.6)
      concurrent-ruby (~> 1.0)
      dry-core (~> 0.4, >= 0.4.7)
      dry-equalizer (~> 0.2)
    dry-container (0.7.2)
      concurrent-ruby (~> 1.0)
      dry-configurable (~> 0.1, >= 0.1.3)
    dry-core (0.4.9)
      concurrent-ruby (~> 1.0)
    dry-equalizer (0.3.0)
    dry-inflector (0.2.0)
    dry-logic (0.6.1)
      concurrent-ruby (~> 1.0)
      dry-core (~> 0.2)
      dry-equalizer (~> 0.2)
    dry-types (0.14.0)
      concurrent-ruby (~> 1.0)
      dry-container (~> 0.3)
      dry-core (~> 0.4, >= 0.4.4)
      dry-equalizer (~> 0.2)
      dry-inflector (~> 0.1, >= 0.1.2)
      dry-logic (~> 0.5, >= 0.5)
    dry-validation (0.13.0)
      concurrent-ruby (~> 1.0)
      dry-configurable (~> 0.1, >= 0.1.3)
      dry-core (~> 0.2, >= 0.2.1)
      dry-equalizer (~> 0.2)
      dry-logic (~> 0.5, >= 0.5.0)
      dry-types (~> 0.14, >= 0.14)
    rake (12.3.3)
    rspec (3.9.0)
      rspec-core (~> 3.9.0)
      rspec-expectations (~> 3.9.0)
      rspec-mocks (~> 3.9.0)
    rspec-core (3.9.2)
      rspec-support (~> 3.9.3)
    rspec-expectations (3.9.2)
      diff-lcs (>= 1.2.0, < 2.0)
      rspec-support (~> 3.9.0)
    rspec-mocks (3.9.1)
      diff-lcs (>= 1.2.0, < 2.0)
      rspec-support (~> 3.9.0)
    rspec-support (3.9.3)

PLATFORMS
  ruby

DEPENDENCIES
  dry-validation
  opera!
  rake (~> 12.0)
  rspec (~> 3.0)

BUNDLED WITH
   2.1.4
